GEM
  remote: http://rubygems.org/
  remote: http://rubygems.org/
  specs:
    addressable (2.2.6)
    backports (2.1.0)
    dm-core (1.1.0)
      addressable (~> 2.2.4)
    dm-migrations (1.1.0)
      dm-core (~> 1.1.0)
    dm-serializer (1.1.0)
      dm-core (~> 1.1.0)
      fastercsv (~> 1.5.4)
      json (~> 1.4.6)
    fastercsv (1.5.4)
    haml (3.1.1)
    json (1.4.6)
    monkey-lib (0.5.4)
      backports
    rack (1.2.2)
    rdiscount (1.6.8)
    sass (3.1.1)
    sinatra (1.2.6)
      rack (~> 1.1)
      tilt (>= 1.2.2, < 2.0)
    sinatra-advanced-routes (0.5.1)
      monkey-lib (~> 0.5.0)
      sinatra (~> 1.0)
      sinatra-sugar (~> 0.5.0)
    sinatra-content-for (0.2)
      sinatra
    sinatra-reloader (0.5.0)
      sinatra (~> 1.0)
      sinatra-advanced-routes (~> 0.5.0)
    sinatra-sugar (0.5.0)
      monkey-lib (~> 0.5.0)
      sinatra (~> 1.0)
    tilt (1.3)

PLATFORMS
  ruby

DEPENDENCIES
  dm-core
  dm-migrations
  dm-serializer
  haml
  rdiscount
  sass
  sinatra
  sinatra-content-for
  sinatra-reloader
  tilt
