GEM
  remote: http://rubygems.org/
  remote: http://rubygems.org/
  specs:
    backports (2.1.0)
    haml (3.1.1)
    monkey-lib (0.5.4)
      backports
    rack (1.2.2)
    rdiscount (1.6.8)
    sass (3.1.1)
    sinatra (1.2.6)
      rack (~> 1.1)
      tilt (>= 1.2.2, < 2.0)
    sinatra-advanced-routes (0.5.1)
      monkey-lib (~> 0.5.0)
      sinatra (~> 1.0)
      sinatra-sugar (~> 0.5.0)
    sinatra-content-for (0.2)
      sinatra
    sinatra-reloader (0.5.0)
      sinatra (~> 1.0)
      sinatra-advanced-routes (~> 0.5.0)
    sinatra-sugar (0.5.0)
      monkey-lib (~> 0.5.0)
      sinatra (~> 1.0)
    tilt (1.3)

PLATFORMS
  ruby

DEPENDENCIES
  haml
  rdiscount
  sass
  sinatra
  sinatra-content-for
  sinatra-reloader
  tilt
